GEM
  remote: http://rubygems.org/
  specs:
    haml (3.1.4)
    rack (1.6.0)
    rack-protection (1.5.3)
      rack
    sinatra (1.3.6)
      rack (~> 1.4)
      rack-protection (~> 1.3)
      tilt (~> 1.3, >= 1.3.3)
    tilt (1.4.1)

PLATFORMS
  ruby

DEPENDENCIES
  haml (= 3.1.4)
  sinatra (~> 1.3.0)
